GEM
  remote: https://rubygems.org/
  specs:
    minitest (5.6.1)
    sqlite3 (1.3.10)
    thor (0.19.1)

PLATFORMS
  ruby

DEPENDENCIES
  minitest (~> 5.6.0)
  sqlite3 (~> 1.3.10)
  thor (~> 0.19.1)
