GEM
  remote: https://rubygems.org/
  specs:
    sqlite3 (1.3.10)
    thor (0.19.1)

PLATFORMS
  ruby

DEPENDENCIES
  sqlite3 (~> 1.3.10)
  thor (~> 0.19.1)
