GEM
  remote: https://rubygems.org/
  specs:
    minitest (5.7.0)
    rake (10.4.2)
    sqlite3 (1.3.10)
    thor (0.19.1)

PLATFORMS
  ruby

DEPENDENCIES
  minitest (~> 5.7.0)
  rake (~> 10.4.2)
  sqlite3 (~> 1.3.10)
  thor (~> 0.19.1)
